GEM
  remote: https://rubygems.org/
  specs:
    breakpoint (2.0.6)
      compass (>= 0.12.1)
      sass (>= 3.2.0)
    breakpoint-slicer (1.2)
      breakpoint (>= 2.0.1)
      compass (>= 0.12.2)
      sass (>= 3.2.1)
    chunky_png (1.2.8)
    compass (0.12.2)
      chunky_png (~> 1.2)
      fssm (>= 0.2.7)
      sass (~> 3.1)
    fssm (0.2.10)
    json (1.7.7)
    rack (1.5.2)
    rack-protection (1.5.0)
      rack
    sass (3.2.10)
    sinatra (1.4.3)
      rack (~> 1.4)
      rack-protection (~> 1.4)
      tilt (~> 1.3, >= 1.3.4)
    singularitygs (1.1.2)
      breakpoint (>= 2.0.1)
      compass (>= 0.12.2)
      sass (>= 3.2.1)
    tilt (1.4.1)

PLATFORMS
  x86-mingw32

DEPENDENCIES
  breakpoint-slicer
  compass
  json
  sinatra
  singularitygs
